GEM
  remote: http://rubygems.org/
  specs:
    cool.io (1.2.4)
    daemons (1.1.9)
    dotenv (0.11.1)
      dotenv-deployment (~> 0.0.2)
    dotenv-deployment (0.0.2)
    eventmachine (1.0.3)
    fluent-logger (0.4.9)
      msgpack (>= 0.4.4, < 0.6.0, != 0.5.3, != 0.5.2, != 0.5.1, != 0.5.0)
      yajl-ruby (~> 1.0)
    fluent-plugin-td (0.10.18)
      fluentd (~> 0.10.27)
      td-client (~> 0.8.58)
    fluent-plugin-td-monitoring (0.1.3)
      fluentd (~> 0.10.33)
      httpclient (~> 2.3.4)
      ohai (~> 6.20.0)
    fluentd (0.10.51)
      cool.io (>= 1.1.1, < 2.0.0, != 1.2.0)
      http_parser.rb (>= 0.5.1, < 0.7.0)
      json (>= 1.4.3)
      msgpack (>= 0.4.4, < 0.6.0, != 0.5.3, != 0.5.2, != 0.5.1, != 0.5.0)
      sigdump (~> 0.2.2)
      yajl-ruby (~> 1.0)
    foreman (0.74.0)
      dotenv (~> 0.11.1)
      thor (~> 0.19.1)
    hirb (0.7.2)
    http_parser.rb (0.6.0)
    httpclient (2.3.4.1)
    ipaddress (0.8.0)
    json (1.8.1)
    mixlib-cli (1.5.0)
    mixlib-config (2.1.0)
    mixlib-log (1.6.0)
    mixlib-shellout (1.4.0)
    msgpack (0.5.8)
    ohai (6.20.0)
      ipaddress
      mixlib-cli
      mixlib-config
      mixlib-log
      mixlib-shellout
      systemu (~> 2.5.2)
      yajl-ruby
    parallel (0.6.5)
    rack (1.5.2)
    rack-protection (1.5.3)
      rack
    rubyzip (0.9.9)
    sigdump (0.2.2)
    sinatra (1.4.5)
      rack (~> 1.4)
      rack-protection (~> 1.4)
      tilt (~> 1.3, >= 1.3.4)
    systemu (2.5.2)
    td (0.11.2)
      hirb (>= 0.4.5)
      msgpack (>= 0.4.4, < 0.6.0, != 0.5.3, != 0.5.2, != 0.5.1, != 0.5.0)
      parallel (~> 0.6.1)
      rubyzip (~> 0.9.9)
      td-client (~> 0.8.62)
      td-logger (~> 0.3.21)
      yajl-ruby (~> 1.1)
    td-client (0.8.62)
      httpclient (~> 2.3.4)
      json (>= 1.7.6)
      msgpack (>= 0.4.4, < 0.6.0, != 0.5.3, != 0.5.2, != 0.5.1, != 0.5.0)
    td-logger (0.3.23)
      fluent-logger (~> 0.4.6)
      msgpack (>= 0.4.4, < 0.6.0, != 0.5.3, != 0.5.2, != 0.5.1, != 0.5.0)
      td-client (~> 0.8.51)
    thin (1.6.0)
      daemons (>= 1.0.9)
      eventmachine (>= 1.0.0)
      rack (>= 1.5.0)
    thor (0.19.1)
    tilt (1.4.1)
    yajl-ruby (1.2.1)

PLATFORMS
  ruby

DEPENDENCIES
  fluent-plugin-td (= 0.10.18)
  fluent-plugin-td-monitoring
  fluentd (~> 0.10.48)
  foreman
  sinatra
  td
  thin
